GEM
  remote: https://rubygems.org/
  specs:
    concurrent-ruby (1.1.5)
    i18n (1.6.0)
      concurrent-ruby (~> 1.0)
    money (6.13.3)
      i18n (>= 0.6.4, <= 2)

PLATFORMS
  ruby

DEPENDENCIES
  money (~> 6.13, >= 6.13.3)

BUNDLED WITH
   2.0.1
